GEM
  remote: http://rubygems.org/
  specs:
    bluecloth (2.0.10)
    git (1.2.5)
    rack (1.2.1)
    rubypants (0.2.0)
    sinatra (1.1.0)
      rack (~> 1.1)
      tilt (~> 1.1)
    sinatra-content-for (0.2)
      sinatra
    tilt (1.1)

PLATFORMS
  ruby

DEPENDENCIES
  bluecloth
  git
  rubypants
  sinatra
  sinatra-content-for
