GEM
  remote: http://rubygems.org/
  specs:
    bluecloth (2.0.10)
    git (1.2.5)
    rack (1.3.4)
    rack-protection (1.1.4)
      rack
    rubypants (0.2.0)
    sinatra (1.3.1)
      rack (~> 1.3, >= 1.3.4)
      rack-protection (~> 1.1, >= 1.1.2)
      tilt (~> 1.3, >= 1.3.3)
    sinatra-content-for (0.2)
      sinatra
    tilt (1.3.3)

PLATFORMS
  ruby

DEPENDENCIES
  bluecloth
  git
  rubypants
  sinatra
  sinatra-content-for
