GEM
  remote: http://rubygems.org/
  specs:
    backports (3.1.1)
    bluecloth (2.0.10)
    eventmachine (1.0.3)
    git (1.2.5)
    rack (1.3.4)
    rack-protection (1.1.4)
      rack
    rack-test (0.6.2)
      rack (>= 1.0)
    rubypants (0.2.0)
    shotgun (0.9)
      rack (>= 1.0)
    sinatra (1.3.1)
      rack (~> 1.3, >= 1.3.4)
      rack-protection (~> 1.1, >= 1.1.2)
      tilt (~> 1.3, >= 1.3.3)
    sinatra-contrib (1.3.2)
      backports (>= 2.0)
      eventmachine
      rack-protection
      rack-test
      sinatra (~> 1.3.0)
      tilt (~> 1.3)
    tilt (1.3.3)

PLATFORMS
  ruby

DEPENDENCIES
  bluecloth
  git
  rubypants
  shotgun
  sinatra
  sinatra-contrib
