GEM
  remote: http://rubygems.org/
  specs:
    bluecloth (2.1.0)
    git (1.2.5)
    rack (1.3.2)
    rubypants (0.2.0)
    sinatra (1.2.6)
      rack (~> 1.1)
      tilt (< 2.0, >= 1.2.2)
    sinatra-content-for (0.2)
      sinatra
    tilt (1.3.3)

PLATFORMS
  ruby

DEPENDENCIES
  bluecloth
  git
  rubypants
  sinatra
  sinatra-content-for
